GIT
  remote: git://github.com/hone/ruby-git.git
  revision: 264836fcff3c037d8d8fc44bd770b150b46fdc4e
  branch: master
  specs:
    git (1.2.6)

GEM
  remote: https://rubygems.org/
  specs:
    activesupport (4.1.5)
      i18n (~> 0.6, >= 0.6.9)
      json (~> 1.7, >= 1.7.7)
      minitest (~> 5.1)
      thread_safe (~> 0.1)
      tzinfo (~> 1.1)
    anvil-cli (0.16.1)
      progress (~> 2.4.0)
      rest-client (~> 1.6.7)
      thor (~> 0.15.2)
    diff-lcs (1.2.5)
    excon (0.39.5)
    heroku-api (0.3.19)
      excon (~> 0.38)
      multi_json (~> 1.8)
    heroku_hatchet (1.3.4)
      activesupport (~> 4)
      anvil-cli (~> 0)
      excon (~> 0)
      heroku-api (~> 0)
      repl_runner (~> 0.0.3)
      rrrretry (~> 1)
      thor (~> 0)
      threaded (~> 0)
    i18n (0.6.11)
    json (1.8.1)
    mime-types (1.25.1)
    minitest (5.4.1)
    multi_json (1.10.1)
    netrc (0.7.7)
    parallel (1.3.0)
    parallel_tests (1.0.6)
      parallel
    progress (2.4.0)
    rake (10.3.2)
    rdoc (4.1.1)
      json (~> 1.4)
    repl_runner (0.0.3)
      activesupport
    rest-client (1.6.8)
      mime-types (~> 1.16)
      rdoc (>= 2.4.2)
    rrrretry (1.0.0)
    rspec (3.0.0)
      rspec-core (~> 3.0.0)
      rspec-expectations (~> 3.0.0)
      rspec-mocks (~> 3.0.0)
    rspec-core (3.0.4)
      rspec-support (~> 3.0.0)
    rspec-expectations (3.0.4)
      diff-lcs (>= 1.2.0, < 2.0)
      rspec-support (~> 3.0.0)
    rspec-mocks (3.0.4)
      rspec-support (~> 3.0.0)
    rspec-retry (0.3.0)
      rspec
    rspec-support (3.0.4)
    thor (0.15.4)
    thread_safe (0.3.4)
    threaded (0.0.4)
    tzinfo (1.2.2)
      thread_safe (~> 0.1)

PLATFORMS
  ruby

DEPENDENCIES
  excon
  git!
  heroku_hatchet
  netrc
  parallel_tests
  rake
  rspec-core
  rspec-expectations
  rspec-retry
