GEM
  remote: https://rubygems.org/
  specs:
    ast (2.2.0)
    parser (2.3.0.7)
      ast (~> 2.2)
    rack (1.5.2)
    rack-protection (1.5.2)
      rack
    sinatra (1.4.4)
      rack (~> 1.4)
      rack-protection (~> 1.4)
      tilt (~> 1.3, >= 1.3.4)
    tilt (1.4.1)

PLATFORMS
  ruby

DEPENDENCIES
  parser
  sinatra

BUNDLED WITH
   1.11.2
