GEM
  remote: https://rubygems.org/
  specs:
    bcrypt (3.1.12)
    bson (4.3.0)
    eventmachine (1.2.7)
    mini_portile2 (2.3.0)
    mustermann (1.0.3)
    mysql2 (0.5.2)
    nokogiri (1.8.4)
      mini_portile2 (~> 2.3.0)
    pg (1.1.1)
    rack (2.0.5)
    rack-protection (2.0.3)
      rack
    sinatra (2.0.3)
      mustermann (~> 1.0)
      rack (~> 2.0)
      rack-protection (= 2.0.3)
      tilt (~> 2.0)
    tilt (2.0.8)

PLATFORMS
  ruby

DEPENDENCIES
  bcrypt
  bson
  eventmachine
  mysql2
  nokogiri
  pg
  sinatra

BUNDLED WITH
   1.16.2
