GEM
  remote: https://rubygems.org/
  specs:
    bcrypt (3.1.16-java)
    bson (4.12.0-java)
    eventmachine (1.2.7-java)
    jdbc-mysql (8.0.17)
    jdbc-postgres (42.2.14)
    mustermann (1.1.1)
      ruby2_keywords (~> 0.0.1)
    nokogiri (1.11.1-java)
      racc (~> 1.4)
    racc (1.5.2-java)
    rack (2.2.3)
    rack-protection (2.1.0)
      rack
    ruby2_keywords (0.0.4)
    sinatra (2.1.0)
      mustermann (~> 1.0)
      rack (~> 2.2)
      rack-protection (= 2.1.0)
      tilt (~> 2.0)
    tilt (2.0.10)

PLATFORMS
  universal-java-11

DEPENDENCIES
  bcrypt
  bson
  eventmachine
  jdbc-mysql
  jdbc-postgres
  nokogiri
  sinatra
