GEM
  remote: https://rubygems.org/
  specs:
    bcrypt (3.1.10-java)
    bson (3.0.3-java)
    eventmachine (1.0.7-java)
    jdbc-mysql (5.1.35)
    jdbc-postgres (9.4.1200)
    nokogiri (1.6.6.2-java)
    rack (1.6.1)
    rack-protection (1.5.3)
      rack
    sinatra (1.4.6)
      rack (~> 1.4)
      rack-protection (~> 1.4)
      tilt (>= 1.3, < 3)
    tilt (2.0.1)

PLATFORMS
  java

DEPENDENCIES
  bcrypt
  bson
  eventmachine
  jdbc-mysql
  jdbc-postgres
  nokogiri
  sinatra
